GEM
  remote: https://rubygems.org/
  specs:
    addressable (2.3.8)
    colored (1.2)
    ethon (0.7.4)
      ffi (>= 1.3.0)
    ffi (1.9.10)
    html-proofer (2.3.0)
      addressable (~> 2.3)
      colored (~> 1.2)
      mercenary (~> 0.3.2)
      nokogiri (~> 1.5)
      parallel (~> 1.3)
      typhoeus (~> 0.7)
      yell (~> 2.0)
    mercenary (0.3.5)
    mini_portile2 (2.8.0)
    nokogiri (1.13.6)
      mini_portile2 (~> 2.8.0)
      racc (~> 1.4)
    parallel (1.6.0)
    racc (1.6.0)
    rake (10.4.2)
    typhoeus (0.7.2)
      ethon (>= 0.7.4)
    yell (2.0.5)

PLATFORMS
  ruby

DEPENDENCIES
  html-proofer
  rake

BUNDLED WITH
   1.11.2
